GEM
  remote: https://rubygems.org/
  specs:
    activemodel (7.0.4.2)
      activesupport (= 7.0.4.2)
    activerecord (7.0.4.2)
      activemodel (= 7.0.4.2)
      activesupport (= 7.0.4.2)
    activesupport (7.0.4.2)
      concurrent-ruby (~> 1.0, >= 1.0.2)
      i18n (>= 1.6, < 2)
      minitest (>= 5.1)
      tzinfo (~> 2.0)
    concurrent-ruby (1.2.0)
    httparty (0.21.0)
      mini_mime (>= 1.0.0)
      multi_xml (>= 0.5.2)
    i18n (1.12.0)
      concurrent-ruby (~> 1.0)
    mini_mime (1.1.2)
    minitest (5.17.0)
    multi_xml (0.6.0)
    nokogiri (1.14.2-x86_64-darwin)
      racc (~> 1.4)
    racc (1.6.2)
    sqlite3 (1.6.0-x86_64-darwin)
    tzinfo (2.0.6)
      concurrent-ruby (~> 1.0)
    yaml (0.2.1)

PLATFORMS
  x86_64-darwin-21

DEPENDENCIES
  activerecord
  httparty
  nokogiri
  sqlite3
  yaml

RUBY VERSION
   ruby 2.7.4p191

BUNDLED WITH
   2.3.13
